GEM
  remote: https://rubygems.org/
  specs:
    async (2.6.2)
      console (~> 1.10)
      fiber-annotation
      io-event (~> 1.1)
      timers (~> 4.1)
    async-container (0.16.12)
      async
      async-io
    async-http (0.60.2)
      async (>= 1.25)
      async-io (>= 1.28)
      async-pool (>= 0.2)
      protocol-http (~> 0.24.0)
      protocol-http1 (~> 0.15.0)
      protocol-http2 (~> 0.15.0)
      traces (>= 0.10.0)
    async-http-cache (0.4.3)
      async-http (~> 0.56)
    async-io (1.35.0)
      async
    async-pool (0.4.0)
      async (>= 1.25)
    build-environment (1.13.0)
    console (1.17.2)
      fiber-annotation
      fiber-local
    extralite (1.27)
    falcon (0.42.3)
      async
      async-container (~> 0.16.0)
      async-http (~> 0.57)
      async-http-cache (~> 0.4.0)
      async-io (~> 1.22)
      build-environment (~> 1.13)
      bundler
      localhost (~> 1.1)
      openssl (~> 3.0)
      process-metrics (~> 0.2.0)
      protocol-rack (~> 0.1)
      samovar (~> 2.1)
    fiber-annotation (0.2.0)
    fiber-local (1.0.0)
    io-event (1.2.2)
    localhost (1.1.10)
    mapping (1.1.1)
    nio4r (2.5.9)
    openssl (3.1.0)
    process-metrics (0.2.1)
      console (~> 1.8)
      samovar (~> 2.1)
    protocol-hpack (1.4.2)
    protocol-http (0.24.3)
    protocol-http1 (0.15.0)
      protocol-http (~> 0.22)
    protocol-http2 (0.15.1)
      protocol-hpack (~> 1.4)
      protocol-http (~> 0.18)
    protocol-rack (0.2.6)
      protocol-http (~> 0.23)
      rack (>= 1.0)
    puma (6.3.0)
      nio4r (~> 2.0)
    rack (3.0.8)
    rackup (0.2.3)
      rack (>= 3.0.0.beta1)
      webrick
    roda (3.69.0)
      rack
    samovar (2.1.4)
      console (~> 1.0)
      mapping (~> 1.0)
    sequel (5.69.0)
    sqlite3 (1.6.3-arm64-darwin)
    sqlite3 (1.6.3-x86_64-linux)
    timers (4.3.5)
    traces (0.10.0)
    webrick (1.8.1)

PLATFORMS
  arm64-darwin-21
  arm64-darwin-22
  arm64-darwin-23
  x86_64-linux

DEPENDENCIES
  extralite
  falcon (~> 0.42.3)
  puma (~> 6.3.0)
  rack (~> 3.0)
  rackup (~> 0.2.2)
  roda (~> 3.59)
  sequel (~> 5.60)
  sqlite3 (~> 1.5)

BUNDLED WITH
   2.3.7
