GEM
  remote: https://rubygems.org/
  specs:
    async (2.1.0)
      console (~> 1.10)
      io-event (~> 1.0.0)
      timers (~> 4.1)
    async-container (0.16.12)
      async
      async-io
    async-http (0.59.2)
      async (>= 1.25)
      async-io (>= 1.28)
      async-pool (>= 0.2)
      protocol-http (~> 0.23.1)
      protocol-http1 (~> 0.14.0)
      protocol-http2 (~> 0.14.0)
      traces (>= 0.4.0)
    async-http-cache (0.4.3)
      async-http (~> 0.56)
    async-io (1.34.0)
      async
    async-pool (0.3.12)
      async (>= 1.25)
    build-environment (1.13.0)
    console (1.15.3)
      fiber-local
    falcon (0.42.3)
      async
      async-container (~> 0.16.0)
      async-http (~> 0.57)
      async-http-cache (~> 0.4.0)
      async-io (~> 1.22)
      build-environment (~> 1.13)
      bundler
      localhost (~> 1.1)
      openssl (~> 3.0)
      process-metrics (~> 0.2.0)
      protocol-rack (~> 0.1)
      samovar (~> 2.1)
    fiber-local (1.0.0)
    io-event (1.0.9)
    localhost (1.1.9)
    mapping (1.1.1)
    nio4r (2.5.9)
    openssl (3.0.1)
    process-metrics (0.2.1)
      console (~> 1.8)
      samovar (~> 2.1)
    protocol-hpack (1.4.2)
    protocol-http (0.23.12)
    protocol-http1 (0.14.6)
      protocol-http (~> 0.22)
    protocol-http2 (0.14.2)
      protocol-hpack (~> 1.4)
      protocol-http (~> 0.18)
    protocol-rack (0.2.4)
      protocol-http (~> 0.23)
      rack (>= 1.0)
    puma (6.3.0)
      nio4r (~> 2.0)
    rack (3.0.0)
    rackup (0.2.2)
      rack (>= 3.0.0.beta1)
      webrick
    roda (3.59.0)
      rack
    samovar (2.1.4)
      console (~> 1.0)
      mapping (~> 1.0)
    sequel (5.60.1)
    sqlite3 (1.5.0-arm64-darwin)
    timers (4.3.4)
    traces (0.7.0)
    webrick (1.7.0)

PLATFORMS
  arm64-darwin-21

DEPENDENCIES
  falcon (~> 0.42.3)
  puma (~> 6.3.0)
  rack (~> 3.0)
  rackup (~> 0.2.2)
  roda (~> 3.59)
  sequel (~> 5.60)
  sqlite3 (~> 1.5)

BUNDLED WITH
   2.3.7
