GEM
  remote: https://rubygems.org/
  specs:
    async (2.17.0)
      console (~> 1.26)
      fiber-annotation
      io-event (~> 1.6, >= 1.6.5)
    async-container (0.18.3)
      async (~> 2.10)
    async-http (0.77.0)
      async (>= 2.10.2)
      async-pool (~> 0.7)
      io-endpoint (~> 0.11)
      io-stream (~> 0.4)
      protocol-http (~> 0.37)
      protocol-http1 (~> 0.25)
      protocol-http2 (~> 0.18)
      traces (>= 0.10)
    async-http-cache (0.4.4)
      async-http (~> 0.56)
    async-pool (0.8.1)
      async (>= 1.25)
      metrics
      traces
    async-service (0.12.0)
      async
      async-container (~> 0.16)
    bigdecimal (3.1.8)
    console (1.27.0)
      fiber-annotation
      fiber-local (~> 1.1)
      json
    extralite (2.8.2)
    falcon (0.48.0)
      async
      async-container (~> 0.18)
      async-http (~> 0.75)
      async-http-cache (~> 0.4)
      async-service (~> 0.10)
      bundler
      localhost (~> 1.1)
      openssl (~> 3.0)
      process-metrics (~> 0.2)
      protocol-http (~> 0.31)
      protocol-rack (~> 0.7)
      samovar (~> 2.3)
    fiber-annotation (0.2.0)
    fiber-local (1.1.0)
      fiber-storage
    fiber-storage (1.0.0)
    io-endpoint (0.13.1)
    io-event (1.6.5)
    io-stream (0.4.1)
    json (2.7.2)
    localhost (1.3.1)
    mapping (1.1.1)
    metrics (0.10.2)
    nio4r (2.7.3)
    openssl (3.2.0)
    process-metrics (0.3.0)
      console (~> 1.8)
      json (~> 2)
      samovar (~> 2.1)
    protocol-hpack (1.5.1)
    protocol-http (0.37.0)
    protocol-http1 (0.25.0)
      protocol-http (~> 0.22)
    protocol-http2 (0.18.0)
      protocol-hpack (~> 1.4)
      protocol-http (~> 0.18)
    protocol-rack (0.8.0)
      protocol-http (~> 0.27)
      rack (>= 1.0)
    puma (6.4.3)
      nio4r (~> 2.0)
    rack (3.1.7)
    rackup (2.1.0)
      rack (>= 3)
      webrick (~> 1.8)
    roda (3.84.0)
      rack
    samovar (2.3.0)
      console (~> 1.0)
      mapping (~> 1.0)
    sequel (5.84.0)
      bigdecimal
    sqlite3 (2.0.4-arm64-darwin)
    sqlite3 (2.0.4-x86_64-linux-gnu)
    traces (0.13.1)
    webrick (1.8.1)

PLATFORMS
  arm64-darwin-21
  arm64-darwin-22
  arm64-darwin-23
  x86_64-linux

DEPENDENCIES
  extralite
  falcon
  puma
  rack
  rackup
  roda
  sequel
  sqlite3

BUNDLED WITH
   2.3.7
